GEM
  remote: http://rubygems.org/
  specs:
    BlueCloth (1.0.1)
    clip (1.0.2)
    cri (1.0.1)
    haml (3.0.25)
    highline (1.6.1)
    mime-types (1.16)
    nanoc3 (3.1.6)
      cri (>= 1.0.0)
    nokogiri (1.4.4)
    rack (1.2.1)
    rdiscount (1.6.8)
    shotgun (0.9)
      rack (>= 1.0)
    sinatra (1.2.1)
      rack (~> 1.1)
      tilt (>= 1.2.2, < 2.0)
    tilt (1.2.2)

PLATFORMS
  ruby

DEPENDENCIES
  BlueCloth (~> 1.0)
  clip (~> 1.0)
  haml (~> 3.0.21)
  highline (~> 1.5)
  mime-types (~> 1.16)
  nanoc3 (~> 3.1)
  nokogiri (~> 1.4.2)
  rack (~> 1.2)
  rdiscount (~> 1.6)
  shotgun (~> 0.9)
  sinatra (~> 1.2)
